GEM
  remote: https://www.rubygems.org/
  specs:
    benchmark-ips (2.13.0)

PLATFORMS
  ruby
  x86_64-linux

DEPENDENCIES
  benchmark-ips

BUNDLED WITH
   2.5.6
